GIT
  remote: git://github.com/rubyist/aasm.git
  revision: 5d715307571786212a516ebae20423b0ef0e2a92
  specs:
    aasm (2.2.0)

GIT
  remote: git://github.com/sferik/rails_admin.git
  revision: 01974b1e5597c07b949034b905ae5c9ceb1cdda8
  specs:
    rails_admin (0.0.1)
      builder (~> 2.1.0)
      rails (~> 3.0.3)

GEM
  remote: http://rubygems.org/
  specs:
    Saikuro (1.1.0)
    abstract (1.0.0)
    actionmailer (3.0.6)
      actionpack (= 3.0.6)
      mail (~> 2.2.15)
    actionpack (3.0.6)
      activemodel (= 3.0.6)
      activesupport (= 3.0.6)
      builder (~> 2.1.2)
      erubis (~> 2.6.6)
      i18n (~> 0.5.0)
      rack (~> 1.2.1)
      rack-mount (~> 0.6.14)
      rack-test (~> 0.5.7)
      tzinfo (~> 0.3.23)
    activemodel (3.0.6)
      activesupport (= 3.0.6)
      builder (~> 2.1.2)
      i18n (~> 0.5.0)
    activerecord (3.0.6)
      activemodel (= 3.0.6)
      activesupport (= 3.0.6)
      arel (~> 2.0.2)
      tzinfo (~> 0.3.23)
    activeresource (3.0.6)
      activemodel (= 3.0.6)
      activesupport (= 3.0.6)
    activesupport (3.0.6)
    acts-as-taggable-on (2.0.6)
    akephalos (0.2.4)
      capybara (~> 0.3.8)
      jruby-jars
    arel (2.0.9)
    arrayfields (4.7.4)
    babosa (0.2.2)
    bcrypt-ruby (2.1.4)
    builder (2.1.2)
    capybara (0.3.9)
      culerity (>= 0.2.4)
      mime-types (>= 1.16)
      nokogiri (>= 1.3.3)
      rack (>= 1.0.0)
      rack-test (>= 0.5.4)
      selenium-webdriver (>= 0.0.3)
    childprocess (0.1.4)
      ffi (~> 0.6.3)
    chronic (0.2.3)
      hoe (>= 1.2.1)
    chunky_png (1.2.5)
    churn (0.0.13)
      chronic (>= 0.2.3)
      hirb
      json_pure
      main
      ruby_parser (~> 2.0.4)
      sexp_processor (~> 3.0.3)
    colored (1.2)
    compass (0.12.alpha.1)
      chunky_png (~> 1.2)
      fssm (>= 0.2.7)
      sass (~> 3.1)
    configuration (1.1.0)
    cucumber (0.10.2)
      builder (>= 2.1.2)
      diff-lcs (>= 1.1.2)
      gherkin (>= 2.3.5)
      json (>= 1.4.6)
      term-ansicolor (>= 1.0.5)
    cucumber-rails (0.3.2)
      cucumber (>= 0.8.0)
    culerity (0.2.12)
    database_cleaner (0.6.0)
    devise (1.2.1)
      bcrypt-ruby (~> 2.1.2)
      orm_adapter (~> 0.0.3)
      warden (~> 1.0.3)
    devise_ldap_authenticatable (0.4.4)
      devise (> 1.0.4)
      net-ldap (>= 0.1.1)
    diff-lcs (1.1.2)
    disqus (1.0.4)
      json
    erubis (2.6.6)
      abstract (>= 1.0.0)
    factory_girl (1.3.2)
    factory_girl_rails (1.0)
      factory_girl (~> 1.3)
      rails (>= 3.0.0.beta4)
    faker (0.9.4)
      i18n (~> 0.4)
    fattr (2.2.0)
    ffi (0.6.3)
      rake (>= 0.8.7)
    flay (1.4.1)
      ruby_parser (~> 2.0)
      sexp_processor (~> 3.0)
    flog (2.5.0)
      ruby_parser (~> 2.0)
      sexp_processor (~> 3.0)
    formtastic (1.2.3)
      actionpack (>= 2.3.7)
      activesupport (>= 2.3.7)
      i18n (~> 0.4)
    friendly_id (3.2.1)
      babosa (~> 0.2.1)
    fssm (0.2.7)
    gherkin (2.3.5)
      json (>= 1.4.6)
    haml (3.1.3)
    haml-rails (0.3.4)
      actionpack (~> 3.0)
      activesupport (~> 3.0)
      haml (~> 3.0)
      railties (~> 3.0)
    has_scope (0.5.0)
    hirb (0.3.5)
    hoe (2.7.0)
      rake (>= 0.8.7)
      rubyforge (>= 2.0.4)
    hoptoad_notifier (2.3.12)
      activesupport
      builder
    i18n (0.5.0)
    inherited_resources (1.2.1)
      has_scope (~> 0.5.0)
      responders (~> 0.6.0)
    inploy (1.9)
    jruby-jars (1.6.1)
    json (1.5.1)
    json_pure (1.4.6)
    launchy (0.3.7)
      configuration (>= 0.0.5)
      rake (>= 0.8.1)
    mail (2.2.15)
      activesupport (>= 2.3.6)
      i18n (>= 0.4.0)
      mime-types (~> 1.16)
      treetop (~> 1.4.8)
    main (4.4.0)
      arrayfields (>= 4.7.4)
      fattr (>= 2.1.0)
    metric_fu (2.0.1)
      Saikuro (>= 1.1.0)
      activesupport (>= 2.0.0)
      chronic (~> 0.2.3)
      churn (>= 0.0.7)
      flay (>= 1.2.1)
      flog (>= 2.2.0)
      rails_best_practices (>= 0.3.16)
      rcov (>= 0.8.3.3)
      reek (>= 1.2.6)
      roodi (>= 2.1.0)
    mime-types (1.16)
    mysql2 (0.2.6)
    net-ldap (0.1.1)
    newrelic_rpm (2.13.3)
    nokogiri (1.4.4)
    orm_adapter (0.0.4)
    pickle (0.4.3)
      cucumber (>= 0.8)
      rake
      rspec (>= 1.3)
      yard
    polyglot (0.3.1)
    progressbar (0.9.0)
    rack (1.2.2)
    rack-mount (0.6.14)
      rack (>= 1.0.0)
    rack-test (0.5.7)
      rack (>= 1.0)
    rails (3.0.6)
      actionmailer (= 3.0.6)
      actionpack (= 3.0.6)
      activerecord (= 3.0.6)
      activeresource (= 3.0.6)
      activesupport (= 3.0.6)
      bundler (~> 1.0)
      railties (= 3.0.6)
    rails_best_practices (0.5.2)
      activesupport
      colored (~> 1.2)
      i18n
      progressbar (~> 0.9.0)
      ruby_parser (~> 2.0.4)
    railties (3.0.6)
      actionpack (= 3.0.6)
      activesupport (= 3.0.6)
      rake (>= 0.8.7)
      thor (~> 0.14.4)
    rake (0.8.7)
    rcov (0.9.9)
    rdiscount (1.6.8)
    reek (1.2.8)
      ruby2ruby (~> 1.2)
      ruby_parser (~> 2.0)
      sexp_processor (~> 3.0)
    remarkable (4.0.0.alpha4)
      rspec (>= 2.0.0.alpha11)
    remarkable_activemodel (4.0.0.alpha4)
      remarkable (~> 4.0.0.alpha4)
      rspec (>= 2.0.0.alpha11)
    remarkable_activerecord (4.0.0.alpha4)
      remarkable (~> 4.0.0.alpha4)
      remarkable_activemodel (~> 4.0.0.alpha4)
      rspec (>= 2.0.0.alpha11)
    responders (0.6.2)
    roodi (2.1.0)
      ruby_parser
    rspec (2.5.0)
      rspec-core (~> 2.5.0)
      rspec-expectations (~> 2.5.0)
      rspec-mocks (~> 2.5.0)
    rspec-core (2.5.1)
    rspec-expectations (2.5.0)
      diff-lcs (~> 1.1.2)
    rspec-mocks (2.5.0)
    rspec-rails (2.5.0)
      actionpack (~> 3.0)
      activesupport (~> 3.0)
      railties (~> 3.0)
      rspec (~> 2.5.0)
    ruby2ruby (1.2.5)
      ruby_parser (~> 2.0)
      sexp_processor (~> 3.0)
    ruby_parser (2.0.5)
      sexp_processor (~> 3.0)
    rubyforge (2.0.4)
      json_pure (>= 1.1.7)
    rubyzip (0.9.4)
    sass (3.1.10)
    selenium-webdriver (0.1.1)
      childprocess (= 0.1.4)
      ffi (~> 0.6.3)
      json_pure
      rubyzip
    sexp_processor (3.0.5)
    spork (0.8.4)
    sqlite3-ruby (1.3.2)
    term-ansicolor (1.0.5)
    thor (0.14.6)
    treetop (1.4.9)
      polyglot (>= 0.3.1)
    tzinfo (0.3.26)
    warden (1.0.3)
      rack (>= 1.0.0)
    will_paginate (3.0.pre2)
    yard (0.6.3)

PLATFORMS
  ruby

DEPENDENCIES
  aasm!
  acts-as-taggable-on (>= 2.0.6)
  akephalos
  capybara (= 0.3.9)
  compass (~> 0.12.alpha)
  cucumber (>= 0.9.4)
  cucumber-rails (>= 0.3.2)
  database_cleaner (>= 0.5.0)
  devise (>= 1.2.rc2)
  devise_ldap_authenticatable (>= 0.4.1.1)
  disqus (>= 1.0.4)
  factory_girl_rails
  faker
  formtastic (>= 1.2.3)
  friendly_id (~> 3.2.1)
  haml (>= 3.0.25)
  haml-rails (>= 0.3.4)
  hoptoad_notifier
  inherited_resources (>= 1.2.1)
  inploy (>= 1.9)
  json_pure (= 1.4.6)
  launchy
  metric_fu
  mysql2
  newrelic_rpm (>= 2.13.0.beta5)
  pickle (>= 0.4.2)
  rails (= 3.0.6)
  rails_admin!
  rdiscount (>= 1.6.8)
  remarkable (>= 4.0.0.alpha4)
  remarkable_activemodel (>= 4.0.0.alpha4)
  remarkable_activerecord (>= 4.0.0.alpha4)
  rspec-rails (>= 2.5.0)
  spork (>= 0.8.4)
  sqlite3-ruby
  will_paginate (>= 3.0.pre)
